GEM
  remote: https://rubygems.org/
  specs:
    dotenv (2.8.1)
    mustermann (3.0.0)
      ruby2_keywords (~> 0.0.1)
    pg (1.4.6)
    rack (2.2.6.3)
    rack-protection (3.0.5)
      rack
    ruby2_keywords (0.0.5)
    sequel (5.66.0)
    sinatra (3.0.5)
      mustermann (~> 3.0)
      rack (~> 2.2, >= 2.2.4)
      rack-protection (= 3.0.5)
      tilt (~> 2.0)
    tilt (2.1.0)

PLATFORMS
  x86_64-linux

DEPENDENCIES
  dotenv
  pg
  sequel
  sinatra

BUNDLED WITH
   2.4.7
