GEM
  remote: https://rubygems.org/
  specs:
    dotenv (2.8.1)
    geokit (1.14.0)
    mustermann (2.0.2)
      ruby2_keywords (~> 0.0.1)
    net-http (0.3.2)
      uri
    pg (1.4.6)
    rack (2.2.6.3)
    rack-protection (2.2.4)
      rack
    ruby2_keywords (0.0.5)
    sequel (5.66.0)
    sinatra (2.2.4)
      mustermann (~> 2.0)
      rack (~> 2.2)
      rack-protection (= 2.2.4)
      tilt (~> 2.0)
    tilt (2.1.0)
    uri (0.12.0)

PLATFORMS
  x86_64-linux

DEPENDENCIES
  dotenv
  geokit
  net-http
  pg
  sequel
  sinatra (~> 2.2.4)
  uri

BUNDLED WITH
   2.4.7
